GEM
  remote: https://rubygems.org/
  specs:
    bosh-template (2.4.0)
      semi_semantic (~> 1.2.0)
    diff-lcs (1.5.1)
    rspec (3.13.0)
      rspec-core (~> 3.13.0)
      rspec-expectations (~> 3.13.0)
      rspec-mocks (~> 3.13.0)
    rspec-core (3.13.0)
      rspec-support (~> 3.13.0)
    rspec-expectations (3.13.0)
      diff-lcs (>= 1.2.0, < 2.0)
      rspec-support (~> 3.13.0)
    rspec-its (1.3.0)
      rspec-core (>= 3.0.0)
      rspec-expectations (>= 3.0.0)
    rspec-mocks (3.13.0)
      diff-lcs (>= 1.2.0, < 2.0)
      rspec-support (~> 3.13.0)
    rspec-support (3.13.1)
    semi_semantic (1.2.0)

PLATFORMS
  ruby

DEPENDENCIES
  bosh-template
  rspec
  rspec-its

RUBY VERSION
   ruby 3.3.0p0

BUNDLED WITH
   2.4.10
